GEM
  remote: https://rubygems.org/
  specs:
    codeclimate-test-reporter (0.5.0)
      simplecov (>= 0.7.1, < 1.0.0)
    docile (1.1.5)
    json (1.8.3)
    minitest (5.8.4)
    rack (1.6.4)
    rack-protection (1.5.3)
      rack
    rack-test (0.6.3)
      rack (>= 1.0)
    rake (11.1.2)
    require_all (1.3.3)
    simplecov (0.11.2)
      docile (~> 1.1.0)
      json (~> 1.8)
      simplecov-html (~> 0.10.0)
    simplecov-html (0.10.0)
    sinatra (1.4.7)
      rack (~> 1.5)
      rack-protection (~> 1.4)
      tilt (>= 1.3, < 3)
    tilt (2.0.3)

PLATFORMS
  ruby

DEPENDENCIES
  codeclimate-test-reporter
  minitest (~> 5.8.4)
  rack (~> 1.6.4)
  rack-test
  rake (~> 11.1.2)
  require_all
  sinatra (~> 1.4.7)
  tilt (~> 2.0.3)

RUBY VERSION
   ruby 2.3.1p112

BUNDLED WITH
   1.12.1
